PATH
  remote: .
  specs:
    boxen (0.0.0)

GEM
  remote: http://rubygems.org/
  specs:

PLATFORMS
  ruby

DEPENDENCIES
  boxen!
